GEM
  remote: https://rubygems.org/
  specs:
    mini_portile2 (2.4.0)
    nokogiri (1.10.9)
      mini_portile2 (~> 2.4.0)

PLATFORMS
  ruby

DEPENDENCIES
  nokogiri (~> 1.10.9)

RUBY VERSION
   ruby 2.5.0p0

BUNDLED WITH
   2.1.4
